PATH
  remote: .
  specs:
    net-smtp-ntlm (0.0.1)
      net-smtp (~> 0.4.0)

GEM
  remote: https://rubygems.org/
  specs:
    net-protocol (0.2.2)
      timeout
    net-smtp (0.4.0.1)
      net-protocol
    power_assert (2.0.3)
    rake (13.2.1)
    test-unit (3.6.2)
      power_assert
    timeout (0.4.1)

PLATFORMS
  x86_64-linux

DEPENDENCIES
  net-smtp-ntlm!
  rake
  test-unit

BUNDLED WITH
   2.4.10
